PATH
  remote: .
  specs:
    rest-assured (4.0.0)
      activerecord (~> 5.0, >= 4.0)
      activeresource (~> 5.0, >= 4.0)
      childprocess (~> 0.3)
      haml (~> 5.0, >= 4.0)
      sinatra (~> 2.0, >= 1.4.0)
      sinatra-flash
      thin (~> 1.6)

GEM
  remote: https://rubygems.org/
  specs:
    activemodel (5.2.0)
      activesupport (= 5.2.0)
    activemodel-serializers-xml (1.0.2)
      activemodel (> 5.x)
      activesupport (> 5.x)
      builder (~> 3.1)
    activerecord (5.2.0)
      activemodel (= 5.2.0)
      activesupport (= 5.2.0)
      arel (>= 9.0)
    activeresource (5.0.0)
      activemodel (>= 5.0, < 6)
      activemodel-serializers-xml (~> 1.0)
      activesupport (>= 5.0, < 6)
    activesupport (5.2.0)
      concurrent-ruby (~> 1.0, >= 1.0.2)
      i18n (>= 0.7, < 2)
      minitest (~> 5.1)
      tzinfo (~> 1.1)
    addressable (2.5.2)
      public_suffix (>= 2.0.2, < 4.0)
    anticipate (0.1.1)
    archive-tar-minitar (0.6.1)
      minitar (~> 0.6)
      minitar-cli (~> 0.6)
    archive-zip (0.11.0)
      io-like (~> 0.3.0)
    arel (9.0.0)
    awesome_print (1.8.0)
    backports (3.11.3)
    builder (3.2.3)
    byebug (10.0.2)
    capybara (3.0.3)
      addressable
      mini_mime (>= 0.1.3)
      nokogiri (~> 1.8)
      rack (>= 1.6.0)
      rack-test (>= 0.6.3)
      xpath (~> 3.0)
    childprocess (0.9.0)
      ffi (~> 1.0, >= 1.0.11)
    chromedriver-helper (1.2.0)
      archive-zip (~> 0.10)
      nokogiri (~> 1.8)
    cliver (0.3.2)
    coderay (1.1.2)
    concurrent-ruby (1.0.5)
    cucumber (3.1.0)
      builder (>= 2.1.2)
      cucumber-core (~> 3.1.0)
      cucumber-expressions (~> 5.0.4)
      cucumber-wire (~> 0.0.1)
      diff-lcs (~> 1.3)
      gherkin (~> 5.0)
      multi_json (>= 1.7.5, < 2.0)
      multi_test (>= 0.1.2)
    cucumber-core (3.1.0)
      backports (>= 3.8.0)
      cucumber-tag_expressions (~> 1.1.0)
      gherkin (>= 5.0.0)
    cucumber-expressions (5.0.17)
    cucumber-tag_expressions (1.1.1)
    cucumber-wire (0.0.1)
    daemons (1.2.6)
    database_cleaner (1.7.0)
    diff-lcs (1.3)
    docile (1.3.0)
    domain_name (0.5.20180417)
      unf (>= 0.0.5, < 1.0.0)
    eventmachine (1.2.6)
    ffi (1.11.1)
    gherkin (5.0.0)
    haml (5.0.4)
      temple (>= 0.8.0)
      tilt
    hashie (3.5.7)
    http-cookie (1.0.3)
      domain_name (~> 0.5)
    i18n (1.0.1)
      concurrent-ruby (~> 1.0)
    io-like (0.3.0)
    json (2.1.0)
    launchy (2.4.3)
      addressable (~> 2.3)
    method_source (0.9.0)
    mime-types (3.1)
      mime-types-data (~> 3.2015)
    mime-types-data (3.2016.0521)
    mini_mime (1.0.0)
    mini_portile2 (2.3.0)
    minitar (0.6.1)
    minitar-cli (0.6.1)
      minitar (~> 0.6.0)
      powerbar (~> 1.0)
    minitest (5.11.3)
    multi_json (1.13.1)
    multi_test (0.1.2)
    mustermann (1.0.2)
    netrc (0.11.0)
    nokogiri (1.8.2)
      mini_portile2 (~> 2.3.0)
    pg (1.0.0)
    poltergeist (1.18.0)
      capybara (>= 2.1, < 4)
      cliver (~> 0.3.1)
      websocket-driver (>= 0.2.0)
    powerbar (1.0.18)
      hashie (>= 1.1.0)
    pry (0.11.3)
      coderay (~> 1.1.0)
      method_source (~> 0.9.0)
    pry-byebug (3.6.0)
      byebug (~> 10.0)
      pry (~> 0.10)
    public_suffix (3.0.2)
    puma (3.10.0)
    rack (2.0.5)
    rack-protection (2.0.1)
      rack
    rack-test (1.0.0)
      rack (>= 1.0, < 3)
    rake (12.3.1)
    relish (0.7.1)
      archive-tar-minitar (>= 0.5.2)
      json (>= 1.4.6)
      rest-client (>= 1.7.2)
    rest-client (2.0.2)
      http-cookie (>= 1.0.2, < 2.0)
      mime-types (>= 1.16, < 4.0)
      netrc (~> 0.8)
    rspec (3.7.0)
      rspec-core (~> 3.7.0)
      rspec-expectations (~> 3.7.0)
      rspec-mocks (~> 3.7.0)
    rspec-core (3.7.1)
      rspec-support (~> 3.7.0)
    rspec-expectations (3.7.0)
      diff-lcs (>= 1.2.0, < 2.0)
      rspec-support (~> 3.7.0)
    rspec-mocks (3.7.0)
      diff-lcs (>= 1.2.0, < 2.0)
      rspec-support (~> 3.7.0)
    rspec-support (3.7.1)
    rubyzip (1.2.1)
    selenium-webdriver (3.11.0)
      childprocess (~> 0.5)
      rubyzip (~> 1.2)
    simplecov (0.16.1)
      docile (~> 1.1)
      json (>= 1.8, < 3)
      simplecov-html (~> 0.10.0)
    simplecov-html (0.10.2)
    sinatra (2.0.1)
      mustermann (~> 1.0)
      rack (~> 2.0)
      rack-protection (= 2.0.1)
      tilt (~> 2.0)
    sinatra-flash (0.3.0)
      sinatra (>= 1.0.0)
    sqlite3 (1.3.13)
    temple (0.8.0)
    thin (1.7.2)
      daemons (~> 1.0, >= 1.0.9)
      eventmachine (~> 1.0, >= 1.0.4)
      rack (>= 1, < 3)
    thread_safe (0.3.6)
    tilt (2.0.8)
    tzinfo (1.2.5)
      thread_safe (~> 0.1)
    unf (0.1.4)
      unf_ext
    unf_ext (0.0.7.5)
    websocket-driver (0.7.0)
      websocket-extensions (>= 0.1.0)
    websocket-extensions (0.1.3)
    xpath (3.0.0)
      nokogiri (~> 1.8)

PLATFORMS
  ruby

DEPENDENCIES
  anticipate
  awesome_print
  capybara
  chromedriver-helper
  cucumber
  database_cleaner
  launchy
  pg
  poltergeist
  pry
  pry-byebug
  puma
  rack-test
  rake
  relish
  rest-assured!
  rspec
  selenium-webdriver
  simplecov
  sqlite3

BUNDLED WITH
   1.15.1
